GEM
  remote: https://rubygems.org/
  specs:
    addressable (2.8.4)
      public_suffix (>= 2.0.2, < 6.0)
    connection_pool (2.4.0)
    domain_name (0.5.20190701)
      unf (>= 0.0.5, < 1.0.0)
    http-accept (1.7.0)
    http-cookie (1.0.5)
      domain_name (~> 0.5)
    mechanize (2.9.1)
      addressable (~> 2.8)
      domain_name (~> 0.5, >= 0.5.20190701)
      http-cookie (~> 1.0, >= 1.0.3)
      mime-types (~> 3.0)
      net-http-digest_auth (~> 1.4, >= 1.4.1)
      net-http-persistent (>= 2.5.2, < 5.0.dev)
      nokogiri (~> 1.11, >= 1.11.2)
      rubyntlm (~> 0.6, >= 0.6.3)
      webrick (~> 1.7)
      webrobots (~> 0.1.2)
    mime-types (3.4.1)
      mime-types-data (~> 3.2015)
    mime-types-data (3.2023.0218.1)
    net-http-digest_auth (1.4.1)
    net-http-persistent (4.0.2)
      connection_pool (~> 2.2)
    netrc (0.11.0)
    nokogiri (1.15.0-x86_64-darwin)
      racc (~> 1.4)
    public_suffix (5.0.1)
    racc (1.6.2)
    rest-client (2.1.0)
      http-accept (>= 1.7.0, < 2.0)
      http-cookie (>= 1.0.2, < 2.0)
      mime-types (>= 1.16, < 4.0)
      netrc (~> 0.8)
    rubyntlm (0.6.3)
    unf (0.1.4)
      unf_ext
    unf_ext (0.0.8.2)
    webrick (1.8.1)
    webrobots (0.1.2)

PLATFORMS
  x86_64-darwin-22

DEPENDENCIES
  mechanize (~> 2.9, >= 2.9.1)
  rest-client

BUNDLED WITH
   2.4.13
